GEM
  remote: https://rubygems.org/
  specs:
    dredd_hooks (0.1.2)

PLATFORMS
  ruby

DEPENDENCIES
  dredd_hooks

BUNDLED WITH
   2.0.2
